GEM
  remote: https://rubygems.org/
  remote: https://rubygems.pkg.github.com/burnt43/
  specs:
    activesupport (6.1.3.1)
      concurrent-ruby (~> 1.0, >= 1.0.2)
      i18n (>= 1.6, < 2)
      minitest (>= 5.1)
      tzinfo (~> 2.0)
      zeitwerk (~> 2.3)
    asterisk-manager-interface-client (1.0.3)
      activesupport
      hashie
    concurrent-ruby (1.1.8)
    hashie (4.1.0)
    i18n (1.8.10)
      concurrent-ruby (~> 1.0)
    minitest (5.14.4)
    tzinfo (2.0.4)
      concurrent-ruby (~> 1.0)
    zeitwerk (2.4.2)

PLATFORMS
  ruby

DEPENDENCIES
  asterisk-manager-interface-client (= 1.0.3)!

BUNDLED WITH
   2.0.2
